{
	"TaskName":"rule",
	"Modality": "MR",
	"MagneticFieldStrength": 3,
	"ImagingFrequency": 123.259,
	"Manufacturer": "Siemens",
	"ManufacturersModelName": "Prisma_fit",
	"InstitutionName": "South_China_Normal_University",
	"InstitutionalDepartmentName": "Department",
	"InstitutionAddress": "Street_StreetNo_Guangzhou_District_CN_ZIP",
	"DeviceSerialNumber": "167081",
	"StationName": "MRC35464",
	"BodyPartExamined": "BRAIN",
	"PatientPosition": "HFS",
	"ProcedureStepDescription": "SCNU_Liu_Zhiya",
	"SoftwareVersions": "syngo_MR_E11",
	"MRAcquisitionType": "2D",
	"SeriesDescription": "BOLD_Scan2_Run2",
	"ProtocolName": "BOLD_Scan2_Run2",
	"ScanningSequence": "EP",
	"SequenceVariant": "SK",
	"ScanOptions": "FS",
	"SequenceName": "_epfid2d1_88",
	"ImageType": ["ORIGINAL", "PRIMARY", "M", "ND", "MOSAIC"],
	"SeriesNumber": 4,
	"AcquisitionTime": "09:58:32.217500",
	"AcquisitionNumber": 1,
	"SliceThickness": 2.4,
	"SpacingBetweenSlices": 2.4,
	"SAR": 0.0736265,
	"EchoTime": 0.031,
	"RepetitionTime": 1.5,
	"FlipAngle": 70,
	"PartialFourier": 1,
	"BaseResolution": 88,
	"ShimSetting": [
		-1897,
		-7205,
		-8402,
		281,
		190,
		-192,
		-290,
		-76	],
	"TxRefAmp": 242.046,
	"PhaseResolution": 1,
	"ReceiveCoilName": "HeadNeck_64",
	"ReceiveCoilActiveElements": "HC1-7;NC1,2",
	"CoilString": "HC1-7;NC1_2",
	"PulseSequenceDetails": "%SiemensSeq%_ep2d_bold",
	"RefLinesPE": 16,
	"ConsistencyInfo": "N4_VE11E_LATEST_20181129",
	"MultibandAccelerationFactor": 3,
	"PercentPhaseFOV": 100,
	"EchoTrainLength": 88,
	"PhaseEncodingSteps": 88,
	"AcquisitionMatrixPE": 88,
	"ReconMatrixPE": 88,
	"BandwidthPerPixelPhaseEncode": 21.044,
	"EffectiveEchoSpacing": 0.000539994,
	"DerivedVendorReportedEchoSpacing": 0.000539994,
	"TotalReadoutTime": 0.0469795,
	"PixelBandwidth": 2185,
	"DwellTime": 2.6e-06,
	"PhaseEncodingDirection": "j-",
	"SliceTiming": [
		1.11,
		0,
		0.74,
		0.075,
		0.815,
		0.1475,
		0.8875,
		0.2225,
		0.9625,
		0.295,
		1.035,
		0.445,
		1.185,
		0.5175,
		1.2575,
		0.5925,
		1.3325,
		0.665,
		1.405,
		0.37,
		1.11,
		0,
		0.74,
		0.075,
		0.815,
		0.1475,
		0.8875,
		0.2225,
		0.9625,
		0.295,
		1.035,
		0.445,
		1.185,
		0.5175,
		1.2575,
		0.5925,
		1.3325,
		0.665,
		1.405,
		0.37,
		1.11,
		0,
		0.74,
		0.075,
		0.815,
		0.1475,
		0.8875,
		0.2225,
		0.9625,
		0.295,
		1.035,
		0.445,
		1.185,
		0.5175,
		1.2575,
		0.5925,
		1.3325,
		0.665,
		1.405,
		0.37	],
	"ImageOrientationPatientDICOM": [
		0.990509,
		0.0146055,
		0.136666,
		-3.65309e-08,
		0.994338,
		-0.106264	],
	"InPlanePhaseEncodingDirectionDICOM": "COL",
	"ConversionSoftware": "dcm2niix",
	"ConversionSoftwareVersion": "v1.0.20190902"
}
